GIT
  remote: https://github.com/activescaffold/active_scaffold.git
  revision: f468783ea553cc2c5f33387acb42b1abd780d8e2
  specs:
    active_scaffold (3.4.99)
      ice_nine (~> 0.11)
      rails (>= 4.0.5)

GIT
  remote: https://github.com/gems-uff/carrierwave-activerecord.git
  revision: a74a4a4235567fe65cad172fd61695d01d920bbd
  branch: rails5
  specs:
    carrierwave-activerecord (0.1.0rc15)
      activerecord (~> 5.0)
      carrierwave (>= 0.10.0)

GIT
  remote: https://github.com/gems-uff/clamsy.git
  revision: 4a05fd211f9c058279d9261e7e04911160d8ace0
  branch: rails5
  specs:
    clamsy (0.0.5)
      ftools
      gjman (>= 0.1.0)
      nokogiri (>= 1.4.1)
      rghost (>= 0.8.7.2)
      rubyzip (>= 0.9.4)
      zip-zip (>= 0.3)

GEM
  remote: https://rubygems.org/
  specs:
    actioncable (5.0.6)
      actionpack (= 5.0.6)
      nio4r (>= 1.2, < 3.0)
      websocket-driver (~> 0.6.1)
    actionmailer (5.0.6)
      actionpack (= 5.0.6)
      actionview (= 5.0.6)
      activejob (= 5.0.6)
      mail (~> 2.5, >= 2.5.4)
      rails-dom-testing (~> 2.0)
    actionpack (5.0.6)
      actionview (= 5.0.6)
      activesupport (= 5.0.6)
      rack (~> 2.0)
      rack-test (~> 0.6.3)
      rails-dom-testing (~> 2.0)
      rails-html-sanitizer (~> 1.0, >= 1.0.2)
    actionview (5.0.6)
      activesupport (= 5.0.6)
      builder (~> 3.1)
      erubis (~> 2.7.0)
      rails-dom-testing (~> 2.0)
      rails-html-sanitizer (~> 1.0, >= 1.0.3)
    active_scaffold_duplicate (1.0.2)
      active_scaffold (>= 3.3.0.rc)
    activejob (5.0.6)
      activesupport (= 5.0.6)
      globalid (>= 0.3.6)
    activemodel (5.0.6)
      activesupport (= 5.0.6)
    activerecord (5.0.6)
      activemodel (= 5.0.6)
      activesupport (= 5.0.6)
      arel (~> 7.0)
    activesupport (5.0.6)
      concurrent-ruby (~> 1.0, >= 1.0.2)
      i18n (~> 0.7)
      minitest (~> 5.1)
      tzinfo (~> 1.1)
    arel (7.0.0)
    awesome_print (1.6.1)
    bcrypt (3.1.10)
    bcrypt (3.1.10-x86-mingw32)
    better_errors (2.1.1)
      coderay (>= 1.0.0)
      erubis (>= 2.6.6)
      rack (>= 0.9.0)
    binding_of_caller (0.7.2)
      debug_inspector (>= 0.0.1)
    builder (3.2.3)
    byebug (5.0.0)
      columnize (= 0.9.0)
    cancan (1.6.10)
    carrierwave (0.10.0)
      activemodel (>= 3.2.0)
      activesupport (>= 3.2.0)
      json (>= 1.7)
      mime-types (>= 1.16)
    choice (0.2.0)
    codemirror-rails (5.16.0)
      railties (>= 3.0, < 6.0)
    coderay (1.1.0)
    coffee-rails (4.2.2)
      coffee-script (>= 2.2.0)
      railties (>= 4.0.0)
    coffee-script (2.3.0)
      coffee-script-source
      execjs
    coffee-script-source (1.9.1)
    columnize (0.9.0)
    concurrent-ruby (1.0.5)
    crass (1.0.3)
    debug_inspector (0.0.2)
    devise (4.3.0)
      bcrypt (~> 3.0)
      orm_adapter (~> 0.1)
      railties (>= 4.1.0, < 5.2)
      responders
      warden (~> 1.2.3)
    diff-lcs (1.3)
    erubis (2.7.0)
    exception_notification (2.6.1)
      actionmailer (>= 3.0.4)
    execjs (2.4.0)
    factory_girl (4.5.0)
      activesupport (>= 3.0.0)
    factory_girl_rails (4.5.0)
      factory_girl (~> 4.5.0)
      railties (>= 3.0.0)
    ffi (1.9.18)
    ffi (1.9.18-x86-mingw32)
    font-awesome-rails (4.7.0.2)
      railties (>= 3.2, < 5.2)
    ftools (0.0.0)
    gjman (0.1.0)
    globalid (0.4.1)
      activesupport (>= 4.2.0)
    i18n (0.9.1)
      concurrent-ruby (~> 1.0)
    ice_nine (0.11.2)
    iconv (1.0.4)
    jbuilder (2.7.0)
      activesupport (>= 4.2.0)
      multi_json (>= 1.2)
    jquery-rails (4.3.1)
      rails-dom-testing (>= 1, < 3)
      railties (>= 4.2.0)
      thor (>= 0.14, < 2.0)
    jquery-ui-rails (5.0.3)
      railties (>= 3.2.16)
    json (1.8.6)
    kaminari (1.1.1)
      activesupport (>= 4.1.0)
      kaminari-actionview (= 1.1.1)
      kaminari-activerecord (= 1.1.1)
      kaminari-core (= 1.1.1)
    kaminari-actionview (1.1.1)
      actionview
      kaminari-core (= 1.1.1)
    kaminari-activerecord (1.1.1)
      activerecord
      kaminari-core (= 1.1.1)
    kaminari-core (1.1.1)
    loofah (2.1.1)
      crass (~> 1.0.2)
      nokogiri (>= 1.5.9)
    mail (2.7.0)
      mini_mime (>= 0.1.1)
    method_source (0.9.0)
    mime-types (3.1)
      mime-types-data (~> 3.2015)
    mime-types-data (3.2016.0521)
    mini_mime (1.0.0)
    mini_portile2 (2.3.0)
    minitest (5.10.3)
    multi_json (1.11.0)
    mysql2 (0.4.10)
    mysql2 (0.4.10-x86-mingw32)
    nio4r (2.1.0)
    nokogiri (1.8.1)
      mini_portile2 (~> 2.3.0)
    nokogiri (1.8.1-x86-mingw32)
      mini_portile2 (~> 2.3.0)
    odf-report (0.4.3)
      nokogiri (>= 1.5.0, >= 0)
      rubyzip (>= 0.9.4, >= 0)
    orm_adapter (0.5.0)
    paper_trail (8.0.1)
      activerecord (>= 4.2, < 5.2)
      request_store (~> 1.1)
    pdf-core (0.5.1)
    prawn (2.0.1)
      pdf-core (~> 0.5.1)
      ttfunk (~> 1.4.0)
    prawn-table (0.2.1)
    prawn_rails (0.0.11)
      prawn (>= 0.11.1)
      railties (>= 3.0.0)
    racc (1.4.12)
    rack (2.0.3)
    rack-test (0.6.3)
      rack (>= 1.0)
    rails (5.0.6)
      actioncable (= 5.0.6)
      actionmailer (= 5.0.6)
      actionpack (= 5.0.6)
      actionview (= 5.0.6)
      activejob (= 5.0.6)
      activemodel (= 5.0.6)
      activerecord (= 5.0.6)
      activesupport (= 5.0.6)
      bundler (>= 1.3.0)
      railties (= 5.0.6)
      sprockets-rails (>= 2.0.0)
    rails-controller-testing (1.0.2)
      actionpack (~> 5.x, >= 5.0.1)
      actionview (~> 5.x, >= 5.0.1)
      activesupport (~> 5.x)
    rails-deprecated_sanitizer (1.0.3)
      activesupport (>= 4.2.0.alpha)
    rails-dom-testing (2.0.3)
      activesupport (>= 4.2.0)
      nokogiri (>= 1.6)
    rails-erd (1.5.2)
      activerecord (>= 3.2)
      activesupport (>= 3.2)
      choice (~> 0.2.0)
      ruby-graphviz (~> 1.2)
    rails-html-sanitizer (1.0.3)
      loofah (~> 2.0)
    railties (5.0.6)
      actionpack (= 5.0.6)
      activesupport (= 5.0.6)
      method_source
      rake (>= 0.8.7)
      thor (>= 0.18.1, < 2.0)
    rake (12.3.0)
    rb-fsevent (0.10.2)
    rb-inotify (0.9.10)
      ffi (>= 0.5.0, < 2)
    rdoc (4.3.0)
    recordselect (3.9.0)
      rails (>= 4.0.0)
    redcarpet (3.2.2)
    request_store (1.3.2)
    responders (2.4.0)
      actionpack (>= 4.2.0, < 5.3)
      railties (>= 4.2.0, < 5.3)
    rghost (0.9.6)
    rspec-core (3.7.0)
      rspec-support (~> 3.7.0)
    rspec-expectations (3.7.0)
      diff-lcs (>= 1.2.0, < 2.0)
      rspec-support (~> 3.7.0)
    rspec-mocks (3.7.0)
      diff-lcs (>= 1.2.0, < 2.0)
      rspec-support (~> 3.7.0)
    rspec-rails (3.7.1)
      actionpack (>= 3.0)
      activesupport (>= 3.0)
      railties (>= 3.0)
      rspec-core (~> 3.7.0)
      rspec-expectations (~> 3.7.0)
      rspec-mocks (~> 3.7.0)
      rspec-support (~> 3.7.0)
    rspec-support (3.7.0)
    ruby-graphviz (1.2.3)
    rubyzip (1.2.1)
    rufus-scheduler (3.0.9)
      tzinfo
    sass (3.5.3)
      sass-listen (~> 4.0.0)
    sass-listen (4.0.0)
      rb-fsevent (~> 0.9, >= 0.9.4)
      rb-inotify (~> 0.9, >= 0.9.7)
    sass-rails (5.0.7)
      railties (>= 4.0.0, < 6)
      sass (~> 3.1)
      sprockets (>= 2.8, < 4.0)
      sprockets-rails (>= 2.0, < 4.0)
      tilt (>= 1.1, < 3)
    sdoc (0.4.1)
      json (~> 1.7, >= 1.7.7)
      rdoc (~> 4.0)
    simple-navigation (3.14.0)
      activesupport (>= 2.3.2)
    spring (1.3.4)
    sprockets (3.7.1)
      concurrent-ruby (~> 1.0)
      rack (> 1, < 3)
    sprockets-rails (3.2.1)
      actionpack (>= 4.0)
      activesupport (>= 4.0)
      sprockets (>= 3.0.0)
    sql-parser (0.0.2)
      racc
    sqlite3 (1.3.10)
    sqlite3 (1.3.10-x86-mingw32)
    thor (0.20.0)
    thread_safe (0.3.6)
    tilt (2.0.8)
    timeliness (0.3.7)
    ttfunk (1.4.0)
    tzinfo (1.2.4)
      thread_safe (~> 0.1)
    uglifier (2.7.1)
      execjs (>= 0.3.0)
      json (>= 1.8.0)
    validates_timeliness (3.0.14)
      timeliness (~> 0.3.6)
    warden (1.2.3)
      rack (>= 1.0)
    webrick (1.4.2)
    websocket-driver (0.6.5)
      websocket-extensions (>= 0.1.0)
    websocket-extensions (0.1.3)
    zip-zip (0.3)
      rubyzip (>= 1.0.0)

PLATFORMS
  ruby
  x86-mingw32

DEPENDENCIES
  actionmailer (= 5.0.6)
  actionpack (= 5.0.6)
  actionview (= 5.0.6)
  active_scaffold!
  active_scaffold_duplicate (= 1.0.2)
  activejob (= 5.0.6)
  activemodel (= 5.0.6)
  activerecord (= 5.0.6)
  activesupport (= 5.0.6)
  arel (= 7.0.0)
  awesome_print (= 1.6.1)
  bcrypt (= 3.1.10)
  better_errors (= 2.1.1)
  binding_of_caller (= 0.7.2)
  builder (= 3.2.3)
  bundler (= 1.16.0)
  byebug (= 5.0.0)
  cancan (= 1.6.10)
  carrierwave (= 0.10.0)
  carrierwave-activerecord!
  choice (= 0.2.0)
  clamsy!
  codemirror-rails (= 5.16.0)
  coderay (= 1.1.0)
  coffee-rails (= 4.2.2)
  coffee-script (= 2.3.0)
  coffee-script-source (= 1.9.1)
  columnize (= 0.9.0)
  concurrent-ruby (= 1.0.5)
  crass (= 1.0.3)
  debug_inspector (= 0.0.2)
  devise (= 4.3.0)
  diff-lcs (= 1.3)
  erubis (= 2.7.0)
  exception_notification (= 2.6.1)
  execjs (= 2.4.0)
  factory_girl (= 4.5.0)
  factory_girl_rails (= 4.5.0)
  ffi (= 1.9.18)
  font-awesome-rails (= 4.7.0.2)
  ftools (= 0.0.0)
  gjman (= 0.1.0)
  globalid (= 0.4.1)
  i18n (= 0.9.1)
  iconv
  jbuilder (= 2.7.0)
  jquery-rails (= 4.3.1)
  jquery-ui-rails (= 5.0.3)
  json (= 1.8.6)
  kaminari (= 1.1.1)
  loofah (= 2.1.1)
  mail (= 2.7.0)
  mime-types (= 3.1)
  mime-types-data (= 3.2016.0521)
  mini_mime (= 1.0.0)
  mini_portile2 (= 2.3.0)
  minitest (= 5.10.3)
  multi_json (= 1.11.0)
  mysql2 (= 0.4.10)
  nokogiri (= 1.8.1)
  odf-report (= 0.4.3)
  orm_adapter (= 0.5.0)
  paper_trail (= 8.0.1)
  pdf-core (= 0.5.1)
  prawn (= 2.0.1)
  prawn-table (= 0.2.1)
  prawn_rails (= 0.0.11)
  racc (= 1.4.12)
  rack (= 2.0.3)
  rack-test (= 0.6.3)
  rails (= 5.0.6)
  rails-controller-testing
  rails-deprecated_sanitizer (= 1.0.3)
  rails-dom-testing (= 2.0.3)
  rails-erd (= 1.5.2)
  rails-html-sanitizer (= 1.0.3)
  railties (= 5.0.6)
  rake (= 12.3.0)
  rb-fsevent (= 0.10.2)
  rb-inotify (= 0.9.10)
  rdoc (= 4.3.0)
  recordselect (= 3.9.0)
  redcarpet (= 3.2.2)
  responders (= 2.4.0)
  rghost (= 0.9.6)
  rspec-core (= 3.7.0)
  rspec-expectations (= 3.7.0)
  rspec-mocks (= 3.7.0)
  rspec-rails (= 3.7.1)
  rspec-support (= 3.7.0)
  ruby-graphviz (= 1.2.3)
  rubyzip (= 1.2.1)
  rufus-scheduler (= 3.0.9)
  sass (= 3.5.3)
  sass-listen (= 4.0.0)
  sass-rails (= 5.0.7)
  sdoc (= 0.4.1)
  simple-navigation (= 3.14.0)
  spring (= 1.3.4)
  sprockets (= 3.7.1)
  sprockets-rails (= 3.2.1)
  sql-parser (= 0.0.2)
  sqlite3 (= 1.3.10)
  thor (= 0.20.0)
  thread_safe (= 0.3.6)
  tilt (= 2.0.8)
  timeliness (= 0.3.7)
  ttfunk (= 1.4.0)
  tzinfo (= 1.2.4)
  uglifier (= 2.7.1)
  validates_timeliness (= 3.0.14)
  warden (= 1.2.3)
  webrick (= 1.4.2)
  zip-zip (= 0.3)

RUBY VERSION
   ruby 2.4.1p111

BUNDLED WITH
   1.16.0
